PATH
  remote: .
  specs:
    pannier (0.1.0)
      rack (~> 1.5.2)

GEM
  remote: https://rubygems.org/
  specs:
    diff-lcs (1.2.4)
    metaclass (0.0.1)
    mocha (0.14.0)
      metaclass (~> 0.0.1)
    rack (1.5.2)
    rake (10.1.0)
    rspec (2.14.1)
      rspec-core (~> 2.14.0)
      rspec-expectations (~> 2.14.0)
      rspec-mocks (~> 2.14.0)
    rspec-core (2.14.5)
    rspec-expectations (2.14.2)
      diff-lcs (>= 1.1.3, < 2.0)
    rspec-mocks (2.14.3)

PLATFORMS
  ruby

DEPENDENCIES
  mocha (~> 0.14.0)
  pannier!
  rake (~> 10.1.0)
  rspec (~> 2.14.1)
